GEM
  remote: https://rubygems.org/
  remote: https://gem.zdsys.com/gems/
  specs:
    airbrussh (1.2.0)
      sshkit (>= 1.6.1, != 1.7.0)
    aws-partitions (1.80.0)
    aws-sdk-core (3.19.0)
      aws-partitions (~> 1.0)
      aws-sigv4 (~> 1.0)
      jmespath (~> 1.0)
    aws-sdk-kms (1.5.0)
      aws-sdk-core (~> 3)
      aws-sigv4 (~> 1.0)
    aws-sdk-s3 (1.9.0)
      aws-sdk-core (~> 3)
      aws-sdk-kms (~> 1)
      aws-sigv4 (~> 1.0)
    aws-sigv4 (1.0.2)
    jmespath (1.4.0)
    json (2.1.0)
    jwt (2.1.0)
    net-scp (1.2.1)
      net-ssh (>= 2.6.5)
    net-ssh (4.1.0)
    rake (12.0.0)
    sshkit (1.13.1)
      net-scp (>= 1.1.2)
      net-ssh (>= 2.8.0)
    zendesk_cldr (0.2.9)
      json
    zendesk_deployment (3.5.5)
      airbrussh
      rake (>= 0.9.3)
      sshkit (~> 1.9)
    zendesk_i18n_dev_tools (1.1.7)

PLATFORMS
  ruby

DEPENDENCIES
  aws-sdk-s3 (~> 1.8)
  jwt (~> 2.1)
  zendesk_cldr (~> 0.2.9)!
  zendesk_deployment (~> 3.4)!
  zendesk_i18n_dev_tools!

BUNDLED WITH
   1.16.1
