GEM
  remote: https://rubygems.org/
  remote: https://gem.zdsys.com/gems/
  specs:
    airbrake (4.0.0)
      builder
      multi_json
    airbrussh (1.1.2)
      sshkit (>= 1.6.1, != 1.7.0)
    aws-sdk (2.2.14)
      aws-sdk-resources (= 2.2.14)
    aws-sdk-core (2.2.14)
      jmespath (~> 1.0)
    aws-sdk-resources (2.2.14)
      aws-sdk-core (= 2.2.14)
    builder (3.2.2)
    jmespath (1.1.3)
    multi_json (1.10.1)
    net-scp (1.2.1)
      net-ssh (>= 2.6.5)
    net-ssh (4.1.0)
    rake (12.0.0)
    sshkit (1.13.1)
      net-scp (>= 1.1.2)
      net-ssh (>= 2.8.0)
    zendesk_deployment (3.5.0)
      airbrussh
      rake (>= 0.9.3)
      sshkit (~> 1.9)

PLATFORMS
  ruby

DEPENDENCIES
  airbrake
  aws-sdk
  zendesk_deployment (~> 3.4)!

BUNDLED WITH
   1.13.6
