GEM
  remote: https://rubygems.org/
  remote: https://gem.zdsys.com/gems/
  specs:
    airbrussh (1.2.0)
      sshkit (>= 1.6.1, != 1.7.0)
    aws-sdk (2.2.14)
      aws-sdk-resources (= 2.2.14)
    aws-sdk-core (2.2.14)
      jmespath (~> 1.0)
    aws-sdk-resources (2.2.14)
      aws-sdk-core (= 2.2.14)
    jmespath (1.1.3)
    json (2.1.0)
    jwt (2.1.0)
    net-scp (1.2.1)
      net-ssh (>= 2.6.5)
    net-ssh (4.1.0)
    rake (12.0.0)
    sshkit (1.13.1)
      net-scp (>= 1.1.2)
      net-ssh (>= 2.8.0)
    zendesk_cldr (0.2.9)
      json
    zendesk_deployment (3.5.5)
      airbrussh
      rake (>= 0.9.3)
      sshkit (~> 1.9)

PLATFORMS
  ruby

DEPENDENCIES
  aws-sdk
  jwt
  zendesk_cldr (~> 0.2.9)!
  zendesk_deployment (~> 3.4)!

BUNDLED WITH
   1.15.3
