GEM
  remote: https://rubygems.org/
  remote: https://zdrepo.jfrog.io/zdrepo/api/gems/gems-local/
  specs:
    aws-eventstream (1.0.3)
    aws-partitions (1.232.0)
    aws-sdk-core (3.72.1)
      aws-eventstream (~> 1.0, >= 1.0.2)
      aws-partitions (~> 1, >= 1.228.0)
      aws-sigv4 (~> 1.1)
      jmespath (~> 1.0)
    aws-sdk-kms (1.25.0)
      aws-sdk-core (~> 3, >= 3.71.0)
      aws-sigv4 (~> 1.1)
    aws-sdk-s3 (1.53.0)
      aws-sdk-core (~> 3, >= 3.71.0)
      aws-sdk-kms (~> 1)
      aws-sigv4 (~> 1.1)
    aws-sigv4 (1.1.0)
      aws-eventstream (~> 1.0, >= 1.0.2)
    dogapi (1.37.1)
      multi_json
    filesize (0.2.0)
    jmespath (1.4.0)
    json (2.2.0)
    jwt (2.2.1)
    multi_json (1.14.1)
    rake (13.0.0)
    zendesk_cldr (0.2.12)
      json
    zendesk_i18n_dev_tools (1.3.0)

PLATFORMS
  ruby

DEPENDENCIES
  aws-sdk-s3 (~> 1.8)
  dogapi (~> 1.37)
  filesize (~> 0.2.0)
  jwt (~> 2.1)
  rake (~> 13.0)
  zendesk_cldr (~> 0.2.9)!
  zendesk_i18n_dev_tools!

BUNDLED WITH
   1.17.3
